GEM
  remote: http://rubygems.org/
  specs:
    builder (3.0.0)
    chunky_png (1.2.5)
    coffee-script (2.2.0)
      coffee-script-source
      execjs
    coffee-script-source (1.6.2)
    colored (1.2)
    compass (0.11.7)
      chunky_png (~> 1.2)
      fssm (>= 0.2.7)
      sass (~> 3.1)
    cri (2.3.0)
      colored (>= 1.2)
    daemons (1.1.8)
    eventmachine (0.12.10)
    excon (0.9.6)
    execjs (1.4.0)
      multi_json (~> 1.0)
    fancy-buttons (1.1.2)
      compass (>= 0.11)
    ffi (1.0.11)
    fog (1.1.2)
      builder
      excon (~> 0.9.0)
      formatador (~> 0.2.0)
      mime-types
      multi_json (~> 1.0.3)
      net-scp (~> 1.0.4)
      net-ssh (>= 2.1.3)
      nokogiri (~> 1.5.0)
      ruby-hmac
    formatador (0.2.1)
    fssm (0.2.8.1)
    guard (1.0.0)
      ffi (>= 0.5.0)
      thor (~> 0.14.6)
    guard-shell (0.3.0)
      guard (>= 0.2.0)
    haml (4.0.1)
      tilt
    mime-types (1.17.2)
    multi_json (1.0.4)
    nanoc (3.6.2)
      cri (~> 2.3)
    net-scp (1.0.4)
      net-ssh (>= 1.99.1)
    net-ssh (2.3.0)
    nokogiri (1.5.0)
    posix-spawn (0.3.6)
    pygments.rb (0.4.2)
      posix-spawn (~> 0.3.6)
      yajl-ruby (~> 1.1.0)
    rack (1.4.1)
    rake (0.9.2.2)
    redcarpet (2.2.2)
    ruby-hmac (0.4.0)
    sass (3.2.7)
    thin (1.3.1)
      daemons (>= 1.0.9)
      eventmachine (>= 0.12.6)
      rack (>= 1.0.0)
    thor (0.14.6)
    tilt (1.3.6)
    yajl-ruby (1.1.0)

PLATFORMS
  ruby

DEPENDENCIES
  builder
  coffee-script
  compass
  fancy-buttons
  fog
  guard
  guard-shell
  haml
  mime-types
  nanoc
  nokogiri
  pygments.rb
  rack
  rake
  redcarpet
  sass
  thin
